GEM
  remote: https://rubygems.org/
  specs:
    json (1.7.7)
    mime-types (1.23)
    multi_json (1.7.3)
    pg (0.15.1)
    rack (1.5.2)
    rack-flash (0.1.2)
      rack
    rack-protection (1.5.0)
      rack
    rest-client (1.6.7)
      mime-types (>= 1.16)
    sinatra (1.4.2)
      rack (~> 1.5, >= 1.5.2)
      rack-protection (~> 1.4)
      tilt (~> 1.3, >= 1.3.4)
    sinatra-session (1.0.0)
      sinatra (>= 1.0)
    stripe (1.8.3)
      multi_json (>= 1.0.4, < 2)
      rest-client (~> 1.4)
    tilt (1.4.1)

PLATFORMS
  ruby

DEPENDENCIES
  json
  pg
  rack
  rack-flash
  sinatra
  sinatra-session
  stripe
